PATH
  remote: .
  specs:
    frida (0.1.0)
      rake-compiler (~> 1.2.7)

GEM
  remote: https://rubygems.org/
  specs:
    minitest (5.21.2)
    rake (13.1.0)
    rake-compiler (1.2.7)
      rake

PLATFORMS
  x86_64-linux

DEPENDENCIES
  frida!
  minitest (~> 5.0)
  rake (~> 13.0)
  rake-compiler

BUNDLED WITH
   2.3.7
